GEM
  remote: https://rubygems.org/
  specs:
    bootstrap-sass (3.0.0.0)
      sass (~> 3.2)
    breakpoint (2.0.7)
      compass (>= 0.12.1)
      sass (>= 3.2.0)
    chunky_png (1.3.0)
    compass (0.12.2)
      chunky_png (~> 1.2)
      fssm (>= 0.2.7)
      sass (~> 3.1)
    fssm (0.2.10)
    modular-scale (2.0.4)
      compass (>= 0.12.0)
    sass (3.2.12)
    sassy-math (1.5)
      compass (~> 0.11)
    singularity-extras (0.0.3)
      modular-scale (>= 1.0.6)
      sassy-math (>= 1.5)
      singularitygs (>= 0.0.1)
    singularitygs (1.1.1)
      breakpoint (>= 2.0.1)
      compass (>= 0.12.2)
      sass (>= 3.2.1)

PLATFORMS
  ruby
  x64-mingw32

DEPENDENCIES
  bootstrap-sass (= 3.0.0)
  breakpoint (= 2.0.7)
  compass (= 0.12.2)
  sass (= 3.2.12)
  singularity-extras (= 0.0.3)
  singularitygs (= 1.1.1)
